GEM
  remote: https://rubygems.org/
  specs:
    ansi (1.5.0)
    ast (2.3.0)
    httparty (0.21.0)
      mini_mime (>= 1.0.0)
      multi_xml (>= 0.5.2)
    mini_mime (1.1.2)
    multi_xml (0.6.0)
    oga (2.10)
      ast
      ruby-ll (~> 2.1)
    remote_syslog_logger (1.0.3)
      syslog_protocol
    ruby-ll (2.1.2)
      ansi
      ast
    syslog_protocol (0.9.2)

PLATFORMS
  ruby

DEPENDENCIES
  httparty
  oga
  remote_syslog_logger

BUNDLED WITH
   1.15.3
